GEM
  remote: http://rubygems.org/
  specs:
    ansi (1.5.0)
    ast (2.4.2)
    builder (3.2.4)
    ci_reporter (2.0.0)
      builder (>= 2.1.2)
    ci_reporter_minitest (1.0.0)
      ci_reporter (~> 2.0)
      minitest (~> 5.0)
    codecov (0.5.1)
      simplecov (>= 0.15, < 0.22)
    docile (1.3.5)
    minitest (5.14.4)
    minitest-ci (3.4.0)
      minitest (>= 5.0.6)
    minitest-reporters (1.4.3)
      ansi
      builder
      minitest (>= 5.0)
      ruby-progressbar
    oga (3.3)
      ast
      ruby-ll (~> 2.1)
    rake (13.0.3)
    ruby-ll (2.1.2)
      ansi
      ast
    ruby-progressbar (1.11.0)
    simplecov (0.21.2)
      docile (~> 1.1)
      simplecov-html (~> 0.11)
      simplecov_json_formatter (~> 0.1)
    simplecov-html (0.12.3)
    simplecov_json_formatter (0.1.2)

PLATFORMS
  ruby
  x64-mingw32

DEPENDENCIES
  ci_reporter_minitest (~> 1.0.0)
  codecov
  minitest (~> 5.9)
  minitest-ci
  minitest-reporters
  oga
  rake
  simplecov

BUNDLED WITH
   2.2.7
